GEM
  remote: https://rubygems.org/
  specs:
    byebug (11.1.3)
    coderay (1.1.3)
    faraday (2.9.0)
      faraday-net_http (>= 2.0, < 3.2)
    faraday-net_http (3.1.0)
      net-http
    method_source (1.1.0)
    net-http (0.4.1)
      uri
    nokogiri (1.16.5-x86_64-darwin)
      racc (~> 1.4)
    pry (0.14.2)
      coderay (~> 1.1)
      method_source (~> 1.0)
    pry-byebug (3.10.1)
      byebug (~> 11.0)
      pry (>= 0.13, < 0.15)
    racc (1.8.0)
    uri (0.13.0)

PLATFORMS
  x86_64-darwin-21

DEPENDENCIES
  faraday
  nokogiri
  pry-byebug

BUNDLED WITH
   2.3.20
